PATH
  remote: .
  specs:
    bing_ads_api_v9 (0.0.8)
      activesupport (>= 3.1.0)
      addressable (~> 2.3.8)
      google-ads-common (~> 0.9.3)
      savon (~> 1.2.0)

GEM
  remote: http://rubygems.org/
  specs:
    activesupport (6.1.6)
      concurrent-ruby (~> 1.0, >= 1.0.2)
      i18n (>= 1.6, < 2)
      minitest (>= 5.1)
      tzinfo (~> 2.0)
      zeitwerk (~> 2.3)
    addressable (2.3.8)
    akami (1.2.2)
      gyoku (>= 0.4.0)
      nokogiri
    builder (3.2.4)
    concurrent-ruby (1.1.10)
    diff-lcs (1.5.0)
    extlib (0.9.16)
    faraday (0.17.5)
      multipart-post (>= 1.2, < 3)
    google-ads-common (0.9.9)
      httpi (~> 1.1.0)
      savon (~> 1.2.0)
      signet (~> 0.6.0)
    gyoku (0.4.6)
      builder (>= 2.1.2)
    httpi (1.1.1)
      rack
    i18n (1.10.0)
      concurrent-ruby (~> 1.0)
    jwt (1.5.6)
    minitest (5.15.0)
    multi_json (1.15.0)
    multipart-post (2.1.1)
    nokogiri (1.13.6-x86_64-linux)
      racc (~> 1.4)
    nori (1.1.5)
    racc (1.6.0)
    rack (2.2.3)
    rake (10.5.0)
    rspec (2.99.0)
      rspec-core (~> 2.99.0)
      rspec-expectations (~> 2.99.0)
      rspec-mocks (~> 2.99.0)
    rspec-core (2.99.2)
    rspec-expectations (2.99.2)
      diff-lcs (>= 1.1.3, < 2.0)
    rspec-mocks (2.99.4)
    savon (1.2.0)
      akami (~> 1.2.0)
      builder (>= 2.1.2)
      gyoku (~> 0.4.5)
      httpi (~> 1.1.0)
      nokogiri (>= 1.4.0)
      nori (~> 1.1.0)
      wasabi (~> 2.5.0)
    signet (0.6.1)
      addressable (~> 2.3)
      extlib (~> 0.9)
      faraday (~> 0.9)
      jwt (~> 1.5)
      multi_json (~> 1.10)
    tzinfo (2.0.4)
      concurrent-ruby (~> 1.0)
    wasabi (2.5.1)
      httpi (~> 1.0)
      nokogiri (>= 1.4.0)
    zeitwerk (2.5.4)

PLATFORMS
  ruby

DEPENDENCIES
  bing_ads_api_v9!
  rack (>= 1.6.12)
  rake (< 11.0)
  rspec (~> 2.8)

BUNDLED WITH
   1.17.2
