PATH
  remote: .
  specs:
    bing_ads (0.0.8)
      activesupport (>= 3.1.0)
      addressable (~> 2.3.8)
      google-ads-common (~> 0.9.3)
      savon (~> 1.2.0)

GEM
  remote: http://rubygems.org/
  specs:
    activesupport (6.1.6)
      concurrent-ruby (~> 1.0, >= 1.0.2)
      i18n (>= 1.6, < 2)
      minitest (>= 5.1)
      tzinfo (~> 2.0)
      zeitwerk (~> 2.3)
    addressable (2.3.8)
    akami (1.2.2)
      gyoku (>= 0.4.0)
      nokogiri
    ast (2.4.2)
    builder (3.2.4)
    coderay (1.1.3)
    concurrent-ruby (1.1.10)
    diff-lcs (1.5.0)
    dotenv (2.7.6)
    extlib (0.9.16)
    faraday (0.17.5)
      multipart-post (>= 1.2, < 3)
    ffi (1.15.5)
    formatador (1.1.0)
    google-ads-common (0.9.9)
      httpi (~> 1.1.0)
      savon (~> 1.2.0)
      signet (~> 0.6.0)
    guard (2.18.0)
      formatador (>= 0.2.4)
      listen (>= 2.7, < 4.0)
      lumberjack (>= 1.0.12, < 2.0)
      nenv (~> 0.1)
      notiffany (~> 0.0)
      pry (>= 0.13.0)
      shellany (~> 0.0)
      thor (>= 0.18.1)
    guard-compat (1.2.1)
    guard-rspec (4.7.3)
      guard (~> 2.1)
      guard-compat (~> 1.1)
      rspec (>= 2.99.0, < 4.0)
    gyoku (0.4.6)
      builder (>= 2.1.2)
    httpi (1.1.1)
      rack
    i18n (1.10.0)
      concurrent-ruby (~> 1.0)
    jwt (1.5.6)
    listen (3.7.1)
      rb-fsevent (~> 0.10, >= 0.10.3)
      rb-inotify (~> 0.9, >= 0.9.10)
    lumberjack (1.2.8)
    method_source (1.0.0)
    mini_portile2 (2.8.0)
    minitest (5.15.0)
    multi_json (1.15.0)
    multipart-post (2.1.1)
    nenv (0.3.0)
    nokogiri (1.13.6)
      mini_portile2 (~> 2.8.0)
      racc (~> 1.4)
    nori (1.1.5)
    notiffany (0.1.3)
      nenv (~> 0.1)
      shellany (~> 0.0)
    parallel (1.22.1)
    parser (3.1.2.0)
      ast (~> 2.4.1)
    pry (0.14.1)
      coderay (~> 1.1)
      method_source (~> 1.0)
    racc (1.6.0)
    rack (2.2.3)
    rainbow (3.1.1)
    rake (10.5.0)
    rb-fsevent (0.11.1)
    rb-inotify (0.10.1)
      ffi (~> 1.0)
    regexp_parser (2.4.0)
    rexml (3.2.5)
    rspec (2.99.0)
      rspec-core (~> 2.99.0)
      rspec-expectations (~> 2.99.0)
      rspec-mocks (~> 2.99.0)
    rspec-core (2.99.2)
    rspec-expectations (2.99.2)
      diff-lcs (>= 1.1.3, < 2.0)
    rspec-mocks (2.99.4)
    rubocop (1.29.0)
      parallel (~> 1.10)
      parser (>= 3.1.0.0)
      rainbow (>= 2.2.2, < 4.0)
      regexp_parser (>= 1.8, < 3.0)
      rexml (>= 3.2.5, < 4.0)
      rubocop-ast (>= 1.17.0, < 2.0)
      ruby-progressbar (~> 1.7)
      unicode-display_width (>= 1.4.0, < 3.0)
    rubocop-ast (1.17.0)
      parser (>= 3.1.1.0)
    rubocop-rake (0.6.0)
      rubocop (~> 1.0)
    rubocop-rspec (2.10.0)
      rubocop (~> 1.19)
    ruby-progressbar (1.11.0)
    savon (1.2.0)
      akami (~> 1.2.0)
      builder (>= 2.1.2)
      gyoku (~> 0.4.5)
      httpi (~> 1.1.0)
      nokogiri (>= 1.4.0)
      nori (~> 1.1.0)
      wasabi (~> 2.5.0)
    shellany (0.0.1)
    signet (0.6.1)
      addressable (~> 2.3)
      extlib (~> 0.9)
      faraday (~> 0.9)
      jwt (~> 1.5)
      multi_json (~> 1.10)
    thor (1.2.1)
    tzinfo (2.0.4)
      concurrent-ruby (~> 1.0)
    unicode-display_width (2.1.0)
    wasabi (2.5.1)
      httpi (~> 1.0)
      nokogiri (>= 1.4.0)
    zeitwerk (2.5.4)

PLATFORMS
  ruby

DEPENDENCIES
  bing_ads!
  dotenv
  guard
  guard-rspec
  rack (>= 1.6.12)
  rake
  rspec (~> 2.8)
  rubocop
  rubocop-rake
  rubocop-rspec

BUNDLED WITH
   1.17.2
